GEM
  remote: http://rubygems.org/
  specs:
    metaclass (0.0.4)
    mocha (1.0.0)
      metaclass (~> 0.0.1)
    rake (10.3.2)
    require_all (1.3.2)
    test-unit (2.5.5)

PLATFORMS
  ruby

DEPENDENCIES
  mocha
  rake
  require_all
  test-unit
